PATH
  remote: .
  specs:
    todo (0.0.1)
      gli (= 2.13.4)

GEM
  remote: https://rubygems.org/
  specs:
    aruba (0.6.1)
      childprocess (>= 0.3.6)
      cucumber (>= 1.1.1)
      rspec-expectations (>= 2.7.0)
    builder (3.2.2)
    childprocess (0.5.5)
      ffi (~> 1.0, >= 1.0.11)
    cucumber (1.3.18)
      builder (>= 2.1.2)
      diff-lcs (>= 1.1.3)
      gherkin (~> 2.12)
      multi_json (>= 1.7.5, < 2.0)
      multi_test (>= 0.1.1)
    curses (1.0.1)
    diff-lcs (1.2.5)
    ffi (1.9.10)
    gherkin (2.12.2)
      multi_json (~> 1.3)
    gli (2.13.4)
    multi_json (1.11.2)
    multi_test (0.1.1)
    rake (10.4.2)
    rdoc (4.2.0)
    rspec-expectations (3.3.1)
      diff-lcs (>= 1.2.0, < 2.0)
      rspec-support (~> 3.3.0)
    rspec-support (3.3.0)
    todo-txt (0.4)

PLATFORMS
  ruby

DEPENDENCIES
  aruba
  curses
  rake
  rdoc
  todo!
  todo-txt

BUNDLED WITH
   1.10.6
