PATH
  remote: .
  specs:
    todo-curses (0.0.4)
      methadone (~> 1.9, >= 1.9.2)
      ncursesw (~> 1.4, >= 1.4.9)

GEM
  remote: https://rubygems.org/
  specs:
    aruba (0.14.1)
      childprocess (~> 0.5.6)
      contracts (~> 0.9)
      cucumber (>= 1.3.19)
      ffi (~> 1.9.10)
      rspec-expectations (>= 2.99)
      thor (~> 0.19)
    ast (2.2.0)
    builder (3.2.2)
    childprocess (0.5.9)
      ffi (~> 1.0, >= 1.0.11)
    contracts (0.13.0)
    cucumber (2.3.3)
      builder (>= 2.1.2)
      cucumber-core (~> 1.4.0)
      cucumber-wire (~> 0.0.1)
      diff-lcs (>= 1.1.3)
      gherkin (~> 3.2.0)
      multi_json (>= 1.7.5, < 2.0)
      multi_test (>= 0.1.2)
    cucumber-core (1.4.0)
      gherkin (~> 3.2.0)
    cucumber-wire (0.0.1)
    diff-lcs (1.2.5)
    ffi (1.9.10)
    gherkin (3.2.0)
    json (1.8.3)
    methadone (1.9.2)
      bundler
    multi_json (1.11.2)
    multi_test (0.1.2)
    ncursesw (1.4.9)
    parser (2.3.0.7)
      ast (~> 2.2)
    power_assert (0.2.7)
    powerpack (0.1.1)
    rainbow (2.1.0)
    rake (10.5.0)
    rdoc (4.2.2)
      json (~> 1.4)
    rspec-expectations (3.4.0)
      diff-lcs (>= 1.2.0, < 2.0)
      rspec-support (~> 3.4.0)
    rspec-support (3.4.1)
    rubocop (0.39.0)
      parser (>= 2.3.0.7, < 3.0)
      powerpack (~> 0.1)
      rainbow (>= 1.99.1, < 3.0)
      ruby-progressbar (~> 1.7)
      unicode-display_width (~> 1.0, >= 1.0.1)
    ruby-progressbar (1.7.5)
    test-unit (3.1.8)
      power_assert
    thor (0.19.1)
    unicode-display_width (1.0.2)

PLATFORMS
  ruby

DEPENDENCIES
  aruba (~> 0.14.1)
  bundler (~> 1.11)
  rake (~> 10.0)
  rdoc (~> 4.2, >= 4.2.2)
  rubocop (~> 0.39.0)
  test-unit (~> 3.1, >= 3.1.8)
  todo-curses!

BUNDLED WITH
   1.11.2
