PATH
  remote: .
  specs:
    todo-curses (0.0.3)
      gli (= 2.13.4)

GEM
  remote: https://rubygems.org/
  specs:
    gli (2.13.4)
    ncursesw (1.4.9)
    rake (11.1.2)

PLATFORMS
  ruby

DEPENDENCIES
  gli (~> 2.13, >= 2.13.4)
  ncursesw (~> 1.4, >= 1.4.9)
  rake (~> 11.1, >= 11.1.2)
  todo-curses!

BUNDLED WITH
   1.11.2
